GEM
  remote: https://rubygems.org/
  specs:
    base64 (0.2.0)
    byebug (11.1.3)
    observer (0.1.2)
    pkg-config (1.5.6)
    rexml (3.2.6)
    rmagick (6.0.0)
      observer (~> 0.1)
      pkg-config (~> 1.4)
    rubyzip (2.3.2)
    selenium-webdriver (4.20.1)
      base64 (~> 0.2)
      rexml (~> 3.2, >= 3.2.5)
      rubyzip (>= 1.2.2, < 3.0)
      websocket (~> 1.0)
    websocket (1.2.10)

PLATFORMS
  x86_64-darwin-21
  x86_64-linux

DEPENDENCIES
  byebug
  rmagick
  selenium-webdriver

RUBY VERSION
   ruby 3.0.3p157

BUNDLED WITH
   2.4.18
